GEM
  remote: https://rubygems.org/
  specs:
    ffi (1.9.3)
    ffi-aspell (0.0.3)
      ffi (>= 1.0.11)
    rake (10.1.1)
    skeptic (0.0.7)
      ffi-aspell
      trollop (>= 1.16.2)
    trollop (2.0)

PLATFORMS
  ruby

DEPENDENCIES
  rake
  skeptic (~> 0.0.6)
